PATH
  remote: .
  specs:
    ma-agent (0.1)
      daemons
      fluentd (~> 0.10.0)
      rest-client
      ruby-mysql

GEM
  remote: https://ruby.taobao.org/
  specs:
    cool.io (1.2.4)
    daemons (1.1.9)
    fluentd (0.10.49)
      cool.io (>= 1.1.1, < 2.0.0, != 1.2.0)
      http_parser.rb (>= 0.5.1, < 0.7.0)
      json (>= 1.4.3)
      msgpack (>= 0.4.4, < 0.6.0, != 0.5.3, != 0.5.2, != 0.5.1, != 0.5.0)
      sigdump (~> 0.2.2)
      yajl-ruby (~> 1.0)
    http_parser.rb (0.6.0)
    json (1.8.1)
    mime-types (2.3)
    msgpack (0.5.8)
    rake (10.3.2)
    rest-client (1.6.7)
      mime-types (>= 1.16)
    ruby-mysql (2.9.12)
    sigdump (0.2.2)
    yajl-ruby (1.2.1)

PLATFORMS
  ruby

DEPENDENCIES
  bundler (~> 1.6)
  ma-agent!
  rake
